GEM
  remote: https://rubygems.org/
  specs:
    ruby-ldapserver (0.5.1)

PLATFORMS
  ruby

DEPENDENCIES
  ruby-ldapserver (~> 0.5.0)
